GEM
  remote: https://rubygems.org/
  specs:
    addressable (2.4.0)
    faraday (0.9.2)
      multipart-post (>= 1.2, < 3)
    ffi (1.0.11)
    html-proofer (0.0.15)
    html_spellchecker (0.1.7)
      hunspell-ffi (= 0.1.3)
      nokogiri (~> 1.4)
    hunspell-ffi (0.1.3)
      ffi (~> 1.0.7)
    jekyll-github-metadata (1.11.1)
      octokit (~> 4.0)
    kramdown (1.11.1)
    mini_portile2 (2.0.0)
    multipart-post (2.0.0)
    nokogiri (1.6.7.2)
      mini_portile2 (~> 2.0.0.rc2)
    octokit (4.3.0)
      sawyer (~> 0.7.0, >= 0.5.3)
    rouge (1.10.1)
    sawyer (0.7.0)
      addressable (>= 2.3.5, < 2.5)
      faraday (~> 0.8, < 0.10)

PLATFORMS
  ruby

DEPENDENCIES
  html-proofer
  html_spellchecker
  jekyll-github-metadata
  kramdown
  rouge

BUNDLED WITH
   1.10.6
